GEM
  remote: http://rubygems.org/
  specs:
    git (1.2.5)
    logger (1.2.8)
    preamble (0.0.2)
    rake (0.9.6)
    stringex (1.4.0)

PLATFORMS
  x86-mingw32

DEPENDENCIES
  git
  logger
  preamble
  rake (~> 0.9)
  stringex (~> 1.4.0)
