GEM
  remote: http://rubygems.org/
  specs:
    git (1.2.5)
    logger (1.2.8)
    rake (0.9.6)

PLATFORMS
  x86-mingw32

DEPENDENCIES
  git
  logger
  rake (~> 0.9)
